GEM
  remote: http://rubygems.org/
  specs:
    daemons (1.3.1)
    diff-lcs (1.1.2)
    eventmachine (1.2.7)
    ffi (1.11.3)
    rack (1.6.12)
    rack-test (0.6.0)
      rack (>= 1.0)
    rake (0.9.2)
    rb-fsevent (0.10.3)
    rb-inotify (0.10.0)
      ffi (~> 1.0)
    rspec (2.6.0)
      rspec-core (~> 2.6.0)
      rspec-expectations (~> 2.6.0)
      rspec-mocks (~> 2.6.0)
    rspec-core (2.6.4)
    rspec-expectations (2.6.0)
      diff-lcs (~> 1.1.2)
    rspec-mocks (2.6.0)
    sass (3.7.4)
      sass-listen (~> 4.0.0)
    sass-listen (4.0.0)
      rb-fsevent (~> 0.9, >= 0.9.4)
      rb-inotify (~> 0.9, >= 0.9.7)
    sinatra (1.2.6)
      rack (~> 1.1)
      tilt (>= 1.2.2, < 2.0)
    thin (1.7.2)
      daemons (~> 1.0, >= 1.0.9)
      eventmachine (~> 1.0, >= 1.0.4)
      rack (>= 1, < 3)
    tilt (1.3.2)

PLATFORMS
  ruby

DEPENDENCIES
  rack-test
  rake
  rspec
  sass
  sinatra (>= 1.0)
  thin
